GEM
  remote: https://rubygems.org/
  specs:
    atk (3.4.3)
      glib2 (= 3.4.3)
    byebug (11.1.3)
    cairo (1.16.5)
      native-package-installer (>= 1.0.3)
      pkg-config (>= 1.2.2)
    cairo-gobject (3.4.3)
      cairo (>= 1.16.2)
      glib2 (= 3.4.3)
    gdk_pixbuf2 (3.4.3)
      gio2 (= 3.4.3)
    gio2 (3.4.3)
      gobject-introspection (= 3.4.3)
    glib2 (3.4.3)
      native-package-installer (>= 1.0.3)
      pkg-config (>= 1.3.5)
    gobject-introspection (3.4.3)
      glib2 (= 3.4.3)
    gtk2 (3.4.3)
      atk (= 3.4.3)
      gdk_pixbuf2 (= 3.4.3)
      pango (= 3.4.3)
    native-package-installer (1.0.9)
    pango (3.4.3)
      cairo-gobject (= 3.4.3)
      gobject-introspection (= 3.4.3)
    pkg-config (1.4.1)
    tty-screen (0.8.0)
    ucisc (0.1.3)
      byebug
      gtk2
      tty-screen

PLATFORMS
  ruby

DEPENDENCIES
  ucisc

BUNDLED WITH
   2.1.4
